NUGET
  remote: https://nuget.org/api/v2
  specs:
    FsPickler (1.0.6)
    Thespian.Core (0.1.3-alpha)
      FsPickler (>= 1.0.2)
    Vagrant (0.2.9)
      FsPickler (>= 1.0.2)
