NUGET
  remote: https://nuget.org/api/v2
  specs:
    FsPickler (1.0.6)
    Thespian.Core (0.1.2-alpha)
      FsPickler (>= 1.0.2)
    Vagrant (0.2.8)
      FsPickler (>= 1.0.2)
